PATH
  remote: .
  specs:
    gettext-haml (1.0.0)
      gettext
      haml

GEM
  remote: https://rubygems.org/
  specs:
    gettext (3.3.0)
      locale (>= 2.0.5)
      text (>= 1.3.0)
    haml (5.1.2)
      temple (>= 0.8.0)
      tilt
    kramdown (2.1.0)
    locale (2.1.2)
    power_assert (1.1.5)
    rake (13.0.1)
    temple (0.8.2)
    test-unit (3.3.4)
      power_assert
    text (1.3.1)
    tilt (2.0.10)
    yard (0.9.23)

PLATFORMS
  ruby

DEPENDENCIES
  gettext-haml!
  kramdown
  rake
  test-unit
  yard

BUNDLED WITH
   2.1.2
